PATH
  remote: .
  specs:
    minion (0.2.0)
      activesupport (>= 3.1)
      amqp (~> 0.7.4)
      bunny (~> 0.7.4)
      json (>= 1.2.0)

GEM
  remote: http://rubygems.org/
  specs:
    activesupport (3.1.1)
      multi_json (~> 1.0)
    amqp (0.7.4)
      eventmachine
    archive-tar-minitar (0.5.2)
    bunny (0.7.5)
    columnize (0.3.2)
    diff-lcs (1.1.2)
    eventmachine (0.12.10)
    json (1.5.3)
    linecache (0.43)
    linecache19 (0.5.12)
      ruby_core_source (>= 0.1.4)
    mocha (0.9.8)
      rake
    multi_json (1.0.3)
    rake (0.8.7)
    rspec (2.5.0)
      rspec-core (~> 2.5.0)
      rspec-expectations (~> 2.5.0)
      rspec-mocks (~> 2.5.0)
    rspec-core (2.5.1)
    rspec-expectations (2.5.0)
      diff-lcs (~> 1.1.2)
    rspec-mocks (2.5.0)
    ruby-debug (0.10.4)
      columnize (>= 0.1)
      ruby-debug-base (~> 0.10.4.0)
    ruby-debug-base (0.10.4)
      linecache (>= 0.3)
    ruby-debug-base19 (0.11.25)
      columnize (>= 0.3.1)
      linecache19 (>= 0.5.11)
      ruby_core_source (>= 0.1.4)
    ruby-debug19 (0.11.6)
      columnize (>= 0.3.1)
      linecache19 (>= 0.5.11)
      ruby-debug-base19 (>= 0.11.19)
    ruby_core_source (0.1.5)
      archive-tar-minitar (>= 0.5.2)
    watchr (0.7)

PLATFORMS
  ruby

DEPENDENCIES
  minion!
  mocha (= 0.9.8)
  rspec (~> 2.4)
  ruby-debug
  ruby-debug19
  watchr (~> 0.6)
